GIT
  remote: git://github.com/t27duck/feedzirra.git
  revision: 1ea1e2e477e43eb2038355878926d28de01939a1
  branch: lite
  specs:
    feedzirra (0.2.0.rc2)
      curb
      nokogiri
      sax-machine

GEM
  remote: https://rubygems.org/
  specs:
    actionmailer (4.0.0.rc2)
      actionpack (= 4.0.0.rc2)
      mail (~> 2.5.3)
    actionpack (4.0.0.rc2)
      activesupport (= 4.0.0.rc2)
      builder (~> 3.1.0)
      erubis (~> 2.7.0)
      rack (~> 1.5.2)
      rack-test (~> 0.6.2)
    activemodel (4.0.0.rc2)
      activesupport (= 4.0.0.rc2)
      builder (~> 3.1.0)
    activerecord (4.0.0.rc2)
      activemodel (= 4.0.0.rc2)
      activerecord-deprecated_finders (~> 1.0.2)
      activesupport (= 4.0.0.rc2)
      arel (~> 4.0.0)
    activerecord-deprecated_finders (1.0.3)
    activesupport (4.0.0.rc2)
      i18n (~> 0.6, >= 0.6.4)
      minitest (~> 4.2)
      multi_json (~> 1.3)
      thread_safe (~> 0.1)
      tzinfo (~> 0.3.37)
    arel (4.0.0)
    atomic (1.1.9)
    bcrypt-ruby (3.0.1)
    builder (3.1.4)
    capistrano (2.15.4)
      highline
      net-scp (>= 1.0.0)
      net-sftp (>= 2.0.0)
      net-ssh (>= 2.0.14)
      net-ssh-gateway (>= 1.1.0)
    chronic (0.9.1)
    curb (0.8.4)
    erubis (2.7.0)
    execjs (1.4.0)
      multi_json (~> 1.0)
    haml (4.0.3)
      tilt
    haml-rails (0.4)
      actionpack (>= 3.1, < 4.1)
      activesupport (>= 3.1, < 4.1)
      haml (>= 3.1, < 4.1)
      railties (>= 3.1, < 4.1)
    highline (1.6.19)
    hike (1.2.3)
    i18n (0.6.4)
    jquery-rails (3.0.1)
      railties (>= 3.0, < 5.0)
      thor (>= 0.14, < 2.0)
    jquery-ui-rails (4.0.3)
      jquery-rails
      railties (>= 3.1.0)
    kgio (2.8.0)
    libv8 (3.11.8.17)
    mail (2.5.4)
      mime-types (~> 1.16)
      treetop (~> 1.4.8)
    mime-types (1.23)
    mini_portile (0.5.0)
    minitest (4.7.4)
    multi_json (1.7.6)
    net-scp (1.1.1)
      net-ssh (>= 2.6.5)
    net-sftp (2.1.2)
      net-ssh (>= 2.6.5)
    net-ssh (2.6.7)
    net-ssh-gateway (1.2.0)
      net-ssh (>= 2.6.5)
    nokogiri (1.6.0)
      mini_portile (~> 0.5.0)
    pg (0.15.1)
    polyglot (0.3.3)
    rack (1.5.2)
    rack-test (0.6.2)
      rack (>= 1.0)
    rails (4.0.0.rc2)
      actionmailer (= 4.0.0.rc2)
      actionpack (= 4.0.0.rc2)
      activerecord (= 4.0.0.rc2)
      activesupport (= 4.0.0.rc2)
      bundler (>= 1.3.0, < 2.0)
      railties (= 4.0.0.rc2)
      sprockets-rails (~> 2.0.0)
    railties (4.0.0.rc2)
      actionpack (= 4.0.0.rc2)
      activesupport (= 4.0.0.rc2)
      rake (>= 0.8.7)
      thor (>= 0.18.1, < 2.0)
    raindrops (0.11.0)
    rake (10.0.4)
    ref (1.0.5)
    sanitize (2.0.4)
      nokogiri (~> 1.6.0)
    sass (3.2.9)
    sass-rails (4.0.0.rc2)
      railties (>= 4.0.0.beta, < 5.0)
      sass (>= 3.1.10)
      sprockets-rails (~> 2.0.0)
    sax-machine (0.1.0)
      nokogiri (> 0.0.0)
    sprockets (2.10.0)
      hike (~> 1.2)
      multi_json (~> 1.0)
      rack (~> 1.0)
      tilt (~> 1.1, != 1.3.0)
    sprockets-rails (2.0.0)
      actionpack (>= 3.0)
      activesupport (>= 3.0)
      sprockets (~> 2.8)
    therubyracer (0.11.4)
      libv8 (~> 3.11.8.12)
      ref
    thor (0.18.1)
    thread_safe (0.1.0)
      atomic
    tilt (1.4.1)
    treetop (1.4.14)
      polyglot
      polyglot (>= 0.3.1)
    tzinfo (0.3.37)
    uglifier (2.1.1)
      execjs (>= 0.3.0)
      multi_json (~> 1.0, >= 1.0.2)
    unicorn (4.6.2)
      kgio (~> 2.6)
      rack
      raindrops (~> 0.7)
    whenever (0.8.2)
      activesupport (>= 2.3.4)
      chronic (>= 0.6.3)

PLATFORMS
  ruby

DEPENDENCIES
  bcrypt-ruby (~> 3.0.0)
  capistrano
  feedzirra!
  haml-rails
  jquery-rails
  jquery-ui-rails
  pg
  rails (= 4.0.0.rc2)
  sanitize
  sass-rails (~> 4.0.0.rc1)
  therubyracer
  uglifier (>= 1.3.0)
  unicorn
  whenever
